GEM
  remote: https://rubygems.org/
  specs:
    http-2-next (0.5.0)
    httpx (0.19.5)
      http-2-next (>= 0.4.1)
    rake (13.0.6)

PLATFORMS
  x64-mingw32
  x86_64-linux

DEPENDENCIES
  httpx
  rake

BUNDLED WITH
   2.2.30
