GEM
  remote: https://rubygems.org/
  specs:
    http-2-next (1.0.3)
    httpx (1.2.1)
      http-2-next (>= 1.0.3)
    rake (13.0.6)

PLATFORMS
  x64-mingw32
  x86_64-linux

DEPENDENCIES
  httpx
  rake

BUNDLED WITH
   2.2.30
